GEM
  remote: https://rubygems.org/
  specs:
    amq-protocol (2.2.0)
    ansi (1.5.0)
    bosh-template (1.3262.24.0)
      semi_semantic (~> 1.2.0)
    bunny (1.6.3)
      amq-protocol (>= 1.9.2)
    byebug (9.0.6)
    chronic (0.10.2)
    coderay (1.1.1)
    diff-lcs (1.3)
    effin_utf8 (1.0)
    faraday (0.9.2)
      multipart-post (>= 1.2, < 3)
    faraday_middleware (0.9.2)
      faraday (>= 0.7.4, < 0.10)
    hashie (2.0.5)
    httparty (0.15.6)
      multi_xml (>= 0.5.2)
    json (1.8.6)
    method_source (0.8.2)
    mqtt (0.1.0)
    multi_json (1.8.4)
    multi_xml (0.6.0)
    multipart-post (2.0.0)
    papertrail (0.10.3)
      ansi (~> 1.5)
      chronic (~> 0.10)
    pry (0.10.4)
      coderay (~> 1.1.0)
      method_source (~> 0.8.1)
      slop (~> 3.4)
    pry-byebug (3.4.3)
      byebug (>= 9.0, < 9.1)
      pry (~> 0.10)
    rabbitmq_http_api_client (1.3.0)
      effin_utf8 (~> 1.0.0)
      faraday (~> 0.9.0)
      faraday_middleware (~> 0.9.0)
      hashie (~> 2.0.5)
      multi_json (~> 1.8.4)
    rake (10.5.0)
    rspec (3.6.0)
      rspec-core (~> 3.6.0)
      rspec-expectations (~> 3.6.0)
      rspec-mocks (~> 3.6.0)
    rspec-core (3.6.0)
      rspec-support (~> 3.6.0)
    rspec-expectations (3.6.0)
      diff-lcs (>= 1.2.0, < 2.0)
      rspec-support (~> 3.6.0)
    rspec-instafail (1.0.0)
      rspec
    rspec-mocks (3.6.0)
      diff-lcs (>= 1.2.0, < 2.0)
      rspec-support (~> 3.6.0)
    rspec-retry (0.5.5)
      rspec-core (> 3.3, < 3.7)
    rspec-support (3.6.0)
    semi_semantic (1.2.0)
    slop (3.6.0)
    stomp (1.3.5)

PLATFORMS
  ruby

DEPENDENCIES
  bosh-template
  bunny (~> 1.6.3)
  httparty
  json (~> 1.8.5)
  mqtt (~> 0.1.0)
  papertrail
  pry-byebug
  rabbitmq_http_api_client (~> 1.3.0)
  rake (~> 10.3)
  rspec (~> 3.3)
  rspec-instafail (~> 1.0)
  rspec-retry
  stomp (~> 1.3.1)

BUNDLED WITH
   1.16.0
